GEM
  remote: https://rubygems.org/
  specs:
    actionmailer (3.2.17)
      actionpack (= 3.2.17)
      mail (~> 2.5.4)
    actionpack (3.2.17)
      activemodel (= 3.2.17)
      activesupport (= 3.2.17)
      builder (~> 3.0.0)
      erubis (~> 2.7.0)
      journey (~> 1.0.4)
      rack (~> 1.4.5)
      rack-cache (~> 1.2)
      rack-test (~> 0.6.1)
      sprockets (~> 2.2.1)
    activemodel (3.2.17)
      activesupport (= 3.2.17)
      builder (~> 3.0.0)
    activerecord (3.2.17)
      activemodel (= 3.2.17)
      activesupport (= 3.2.17)
      arel (~> 3.0.2)
      tzinfo (~> 0.3.29)
    activeresource (3.2.17)
      activemodel (= 3.2.17)
      activesupport (= 3.2.17)
    activesupport (3.2.17)
      i18n (~> 0.6, >= 0.6.4)
      multi_json (~> 1.0)
    addressable (2.3.5)
    ansi (1.4.3)
    arel (3.0.3)
    builder (3.0.4)
    capistrano (3.1.0)
      i18n
      rake (>= 10.0.0)
      sshkit (~> 1.3)
    capybara (2.0.3)
      mime-types (>= 1.16)
      nokogiri (>= 1.3.3)
      rack (>= 1.0.0)
      rack-test (>= 0.5.4)
      selenium-webdriver (~> 2.0)
      xpath (~> 1.0.0)
    capybara-email (2.0.3)
      capybara (~> 2.0.0)
      mail
    capybara-webkit (1.1.1)
      capybara (>= 2.0.2, < 2.2.0)
      json
    capybara_minitest_spec (1.0.1)
      capybara (>= 2)
      minitest (>= 2)
    childprocess (0.5.1)
      ffi (~> 1.0, >= 1.0.11)
    coffee-rails (3.2.2)
      coffee-script (>= 2.2.0)
      railties (~> 3.2.0)
    coffee-script (2.2.0)
      coffee-script-source
      execjs
    coffee-script-source (1.7.0)
    dynamic_form (1.1.4)
    erector (0.9.0)
      treetop (>= 1.2.3)
    erubis (2.7.0)
    execjs (2.0.2)
    ffi (1.9.3)
    hashie (2.0.5)
    hike (1.2.3)
    http_accept_language (2.0.1)
    i18n (0.6.9)
    journey (1.0.4)
    jquery-rails (3.1.0)
      railties (>= 3.0, < 5.0)
      thor (>= 0.14, < 2.0)
    jquery-ui-rails (4.2.0)
      railties (>= 3.2.16)
    json (1.8.1)
    launchy (2.4.2)
      addressable (~> 2.3)
    libv8 (3.11.8.17)
    mail (2.5.4)
      mime-types (~> 1.16)
      treetop (~> 1.4.8)
    mime-types (1.25.1)
    mini_portile (0.5.2)
    minitest (4.7.5)
    minitest-capybara (0.4.2)
      capybara (~> 2.0)
      minitest (~> 4.0)
      rake
    minitest-matchers (1.3.0)
      minitest (~> 4.7)
    minitest-metadata (0.4.0)
      minitest (~> 4.7)
    minitest-rails (0.9.2)
      minitest (~> 4.7)
      rails (>= 3.0)
    minitest-rails-capybara (0.10.0)
      capybara (~> 2.0)
      minitest-capybara (~> 0.4)
      minitest-metadata (~> 0.4)
      minitest-rails (~> 0.9.1)
    minitest-reporters (0.14.24)
      ansi
      builder
      minitest (>= 2.12, < 5.0)
      powerbar
    minitest-spec-context (0.0.3)
    minitest-spec-rails (4.7.6)
      minitest (~> 4.7)
      rails (>= 3.0, < 4.1)
    multi_json (1.8.4)
    net-scp (1.1.2)
      net-ssh (>= 2.6.5)
    net-ssh (2.8.0)
    nokogiri (1.6.1)
      mini_portile (~> 0.5.0)
    pg (0.17.1)
    polyglot (0.3.4)
    powerbar (1.0.11)
      ansi (~> 1.4.0)
      hashie (>= 1.1.0)
    rack (1.4.5)
    rack-cache (1.2)
      rack (>= 0.4)
    rack-ssl (1.3.3)
      rack
    rack-test (0.6.2)
      rack (>= 1.0)
    rails (3.2.17)
      actionmailer (= 3.2.17)
      actionpack (= 3.2.17)
      activerecord (= 3.2.17)
      activeresource (= 3.2.17)
      activesupport (= 3.2.17)
      bundler (~> 1.0)
      railties (= 3.2.17)
    railties (3.2.17)
      actionpack (= 3.2.17)
      activesupport (= 3.2.17)
      rack-ssl (~> 1.3.2)
      rake (>= 0.8.7)
      rdoc (~> 3.4)
      thor (>= 0.14.6, < 2.0)
    rake (10.1.1)
    rdoc (3.12.2)
      json (~> 1.4)
    ref (1.0.5)
    ruby-prof (0.13.1)
    rubyzip (1.1.0)
    sass (3.2.14)
    sass-rails (3.2.6)
      railties (~> 3.2.0)
      sass (>= 3.1.10)
      tilt (~> 1.3)
    selenium-webdriver (2.40.0)
      childprocess (>= 0.5.0)
      multi_json (~> 1.0)
      rubyzip (~> 1.0)
      websocket (~> 1.0.4)
    sprockets (2.2.2)
      hike (~> 1.2)
      multi_json (~> 1.0)
      rack (~> 1.0)
      tilt (~> 1.1, != 1.3.0)
    sqlite3 (1.3.8)
    sshkit (1.3.0)
      net-scp (>= 1.1.2)
      net-ssh
      term-ansicolor
    term-ansicolor (1.3.0)
      tins (~> 1.0)
    therubyracer (0.11.4)
      libv8 (~> 3.11.8.12)
      ref
    thor (0.18.1)
    tilt (1.4.1)
    tins (1.0.0)
    treetop (1.4.15)
      polyglot
      polyglot (>= 0.3.1)
    tzinfo (0.3.38)
    uglifier (2.4.0)
      execjs (>= 0.3.0)
      json (>= 1.8.0)
    websocket (1.0.7)
    xpath (1.0.0)
      nokogiri (~> 1.3)

PLATFORMS
  ruby

DEPENDENCIES
  capistrano
  capybara (~> 2.0.0)
  capybara-email
  capybara-webkit
  capybara_minitest_spec
  coffee-rails (~> 3.2.1)
  dynamic_form
  erector (~> 0.9.0)
  http_accept_language
  jquery-rails
  jquery-ui-rails
  json
  launchy
  libv8 (~> 3.11.8.1)
  minitest-capybara
  minitest-matchers
  minitest-rails-capybara
  minitest-reporters
  minitest-spec-context
  minitest-spec-rails
  pg
  rails (= 3.2.17)
  rdoc
  ruby-prof (~> 0.13.0)
  sass-rails (~> 3.2.3)
  sqlite3
  therubyracer (~> 0.11.4)
  uglifier (>= 1.0.3)
